GEM
  remote: https://rubygems.org/
  specs:
    colorize (0.8.1)
    highline (1.7.8)
    netaddr (1.5.1)
    nexpose (7.2.0)
    rake (12.0.0)

PLATFORMS
  ruby

DEPENDENCIES
  colorize
  highline
  netaddr
  nexpose
  rake

BUNDLED WITH
   1.12.5
